GIT
  remote: git://github.com/planningalerts-scrapers/atdisplanningalertsfeed.git
  revision: 2c548698f1ec9cd3c9e070260fc604cdcf57429b
  specs:
    atdisplanningalertsfeed (0.1.0)
      atdis (>= 0.4.1)
      scraperwiki-morph

GEM
  remote: https://rubygems.org/
  specs:
    activemodel (5.2.3)
      activesupport (= 5.2.3)
    activesupport (5.2.3)
      concurrent-ruby (~> 1.0, >= 1.0.2)
      i18n (>= 0.7, < 2)
      minitest (~> 5.1)
      tzinfo (~> 1.1)
    atdis (0.4.1)
      activemodel
      activesupport
      multi_json (~> 1.7)
      rest-client
      rgeo-geojson
    concurrent-ruby (1.1.5)
    domain_name (0.5.20180417)
      unf (>= 0.0.5, < 1.0.0)
    http-cookie (1.0.3)
      domain_name (~> 0.5)
    httpclient (2.8.3)
    i18n (1.6.0)
      concurrent-ruby (~> 1.0)
    mime-types (3.2.2)
      mime-types-data (~> 3.2015)
    mime-types-data (3.2019.0331)
    minitest (5.11.3)
    multi_json (1.13.1)
    netrc (0.11.0)
    rest-client (2.0.2)
      http-cookie (>= 1.0.2, < 2.0)
      mime-types (>= 1.16, < 4.0)
      netrc (~> 0.8)
    rgeo (2.0.1)
    rgeo-geojson (2.1.1)
      rgeo (>= 1.0.0)
    scraperwiki (3.0.2)
      httpclient
      sqlite_magic
    scraperwiki-morph (0.1.1)
      scraperwiki
    sqlite3 (1.4.1)
    sqlite_magic (0.0.6)
      sqlite3
    thread_safe (0.3.6)
    tzinfo (1.2.5)
      thread_safe (~> 0.1)
    unf (0.1.4)
      unf_ext
    unf_ext (0.0.7.6)

PLATFORMS
  ruby

DEPENDENCIES
  atdisplanningalertsfeed!

BUNDLED WITH
   1.16.2
